PATH
  remote: .
  specs:
    schop (1.0.0)
      highline (~> 1.6)
      ktheory-right_aws (~> 2.0.3)
      thor (~> 0.14.6)

GEM
  remote: http://rubygems.org/
  specs:
    highline (1.6.1)
    ktheory-right_aws (2.0.3)
      right_http_connection (>= 1.2.1)
    right_http_connection (1.2.4)
    thor (0.14.6)

PLATFORMS
  ruby

DEPENDENCIES
  highline (~> 1.6)
  ktheory-right_aws (~> 2.0.3)
  schop!
  thor (~> 0.14.6)
