GEM
  remote: http://rubygems.org/
  specs:
    columnize (0.3.2)
    ktheory-right_aws (2.0.3)
      right_http_connection (>= 1.2.1)
    linecache (0.43)
    right_http_connection (1.2.4)
    ruby-debug (0.10.4)
      columnize (>= 0.1)
      ruby-debug-base (~> 0.10.4.0)
    ruby-debug-base (0.10.4)
      linecache (>= 0.3)
    thor (0.14.6)

PLATFORMS
  ruby

DEPENDENCIES
  ktheory-right_aws
  ruby-debug
  thor
